GEM
  remote: https://rubygems.org/
  specs:
    pyroscope (0.2.0)

PLATFORMS
  x86_64-linux

DEPENDENCIES
  pyroscope (~> 0.2.0)

BUNDLED WITH
   2.2.26
